GEM
  remote: http://rubygems.org/
  specs:
    git (1.2.5)
    jeweler (1.5.2)
      bundler (~> 1.0.0)
      git (>= 1.2.5)
      rake
    rake (0.8.7)
    rest-client (1.0.4)
    rspec (1.2.9)

PLATFORMS
  ruby

DEPENDENCIES
  jeweler (= 1.5.2)
  rest-client (= 1.0.4)
  rspec (= 1.2.9)
